GEM
  remote: http://rubygems.org/
  specs:
    rack (1.6.4)

PLATFORMS
  ruby

DEPENDENCIES
  rack (~> 1.6.0)

BUNDLED WITH
   1.11.2
